GEM
  remote: https://rubygems.org/
  specs:
    dotenv (3.1.4)
    faraday (2.12.0)
      faraday-net_http (>= 2.0, < 3.4)
      json
      logger
    faraday-net_http (3.3.0)
      net-http
    json (2.7.2)
    logger (1.6.1)
    net-http (0.4.1)
      uri
    thor (1.3.2)
    uri (0.13.1)

PLATFORMS
  arm64-darwin-21
  ruby

DEPENDENCIES
  dotenv (~> 3.1)
  faraday (~> 2.12)
  thor (~> 1.3)

BUNDLED WITH
   2.5.7
